PATH
  remote: .
  specs:
    feralchimp (0.1.0)
      faraday
      json

GEM
  remote: https://rubygems.org/
  specs:
    coderay (1.0.8)
    fakeweb (1.3.0)
    faraday (0.8.4)
      multipart-post (~> 1.1)
    ffi (1.2.0-java)
    guard (1.5.4)
      listen (>= 0.4.2)
      lumberjack (>= 1.0.2)
      pry (>= 0.9.10)
      thor (>= 0.14.6)
    guard-minitest (0.5.0)
      guard (>= 0.4)
    json (1.7.5)
    json (1.7.5-java)
    listen (0.6.0)
    lumberjack (1.0.2)
    method_source (0.8.1)
    minitest (4.3.3)
    multi_json (1.5.0)
    multipart-post (1.1.5)
    pry (0.9.10)
      coderay (~> 1.0.5)
      method_source (~> 0.8)
      slop (~> 3.3.1)
    pry (0.9.10-java)
      coderay (~> 1.0.5)
      method_source (~> 0.8)
      slop (~> 3.3.1)
      spoon (~> 0.0)
    rake (10.0.3)
    rb-inotify (0.8.8)
      ffi (>= 0.5.0)
    simplecov (0.7.1)
      multi_json (~> 1.0)
      simplecov-html (~> 0.7.1)
    simplecov-html (0.7.1)
    slop (3.3.3)
    spoon (0.0.1)
    thor (0.16.0)

PLATFORMS
  java
  ruby

DEPENDENCIES
  fakeweb
  feralchimp!
  guard-minitest
  minitest
  pry
  rake
  rb-inotify
  simplecov
